GEM
  remote: https://rubygems.org/
  specs:
    aws-sdk (1.33.0)
      json (~> 1.4)
      nokogiri (>= 1.4.4)
      uuidtools (~> 2.1)
    builder (3.2.2)
    excon (0.36.0)
    faraday (0.9.0)
      multipart-post (>= 1.2, < 3)
    google_drive (0.3.9)
      nokogiri (>= 1.4.4, != 1.5.2, != 1.5.1)
      oauth (>= 0.3.6)
      oauth2 (>= 0.5.0)
    httpauth (0.2.1)
    iron_core (1.0.3)
      rest (>= 2.6.4)
    iron_worker_ng (1.2.0)
      bundler
      iron_core (>= 1.0.0)
      rubyzip (>= 1.0.0)
    json (1.8.1)
    jwt (1.0.0)
    mandrill-api (1.0.51)
      excon (>= 0.16.0, < 1.0)
      json (>= 1.7.7, < 2.0)
    multi_json (1.10.0)
    multipart-post (2.0.0)
    net-http-persistent (2.9.3)
    netrc (0.7.7)
    nokogiri (1.5.10)
    oauth (0.4.7)
    oauth2 (0.7.1)
      faraday (~> 0.8)
      httpauth (~> 0.1)
      multi_json (~> 1.0)
      rack (~> 1.4)
    rack (1.5.2)
    rest (2.7.1)
      net-http-persistent (>= 2.9.1)
      rest_client (>= 1.7.1)
    rest_client (1.7.2)
      netrc (~> 0.7.7)
    rubyzip (1.1.0)
    twilio-ruby (3.11.5)
      builder (>= 2.1.2)
      jwt (>= 0.1.2)
      multi_json (>= 1.3.0)
    uuidtools (2.1.4)

PLATFORMS
  ruby

DEPENDENCIES
  aws-sdk
  google_drive
  iron_worker_ng
  mandrill-api
  nokogiri (= 1.5.10)
  rubyzip
  twilio-ruby (~> 3.11.5)
