GEM
  remote: https://rubygems.org/
  specs:
    aws-sdk (1.33.0)
      json (~> 1.4)
      nokogiri (>= 1.4.4)
      uuidtools (~> 2.1)
    iron_core (1.0.3)
      rest (>= 2.6.4)
    iron_worker_ng (1.2.0)
      bundler
      iron_core (>= 1.0.0)
      rubyzip (>= 1.0.0)
    json (1.8.1)
    net-http-persistent (2.9.3)
    netrc (0.7.7)
    nokogiri (1.5.10)
    rest (2.7.1)
      net-http-persistent (>= 2.9.1)
      rest_client (>= 1.7.1)
    rest_client (1.7.2)
      netrc (~> 0.7.7)
    rubyzip (1.1.0)
    uuidtools (2.1.4)

PLATFORMS
  ruby

DEPENDENCIES
  aws-sdk
  iron_worker_ng
  nokogiri (= 1.5.10)
  rubyzip
